GEM
  remote: https://rubygems.org/
  specs:
    jruby-jars (1.7.24)
    jruby-rack (1.1.20)
    jrubyfx (1.1.1-java)
      jrubyfx-fxmlloader (>= 0.4)
    jrubyfx-fxmlloader (0.4.1-java)
    puma (3.1.0-java)
    rack (1.6.4)
    rack-protection (1.5.3)
      rack
    rake (11.1.1)
    rubyzip (1.1.7)
    sinatra (1.4.7)
      rack (~> 1.5)
      rack-protection (~> 1.4)
      tilt (>= 1.3, < 3)
    tilt (2.0.2)
    warbler (1.4.9)
      jruby-jars (>= 1.5.6, < 2.0)
      jruby-rack (>= 1.1.1, < 1.3)
      rake (>= 0.9.6)
      rubyzip (>= 0.9, < 1.2)

PLATFORMS
  java

DEPENDENCIES
  jrubyfx
  puma
  sinatra
  warbler

BUNDLED WITH
   1.11.2
